PATH
  remote: .
  specs:
    secp256k1-ruby (0.4.0)
      ffi (>= 1.9.10)

GEM
  remote: https://rubygems.org/
  specs:
    ffi (1.9.18)
    minitest (5.8.3)
    rake (10.5.0)
    yard (0.8.7.6)

PLATFORMS
  ruby

DEPENDENCIES
  bundler (~> 1.15)
  minitest (= 5.8.3)
  rake (~> 10.0)
  secp256k1-ruby!
  yard (= 0.8.7.6)

BUNDLED WITH
   1.16.1
